GEM
  remote: http://rubygems.org/
  specs:
    actionmailer (2.3.11)
      actionpack (= 2.3.11)
    actionpack (2.3.11)
      activesupport (= 2.3.11)
      rack (~> 1.1.0)
    activerecord (2.3.11)
      activesupport (= 2.3.11)
    activeresource (2.3.11)
      activesupport (= 2.3.11)
    activesupport (2.3.11)
    coderay (0.9.7)
    i18n (0.4.2)
    rack (1.1.2)
    rails (2.3.11)
      actionmailer (= 2.3.11)
      actionpack (= 2.3.11)
      activerecord (= 2.3.11)
      activeresource (= 2.3.11)
      activesupport (= 2.3.11)
      rake (>= 0.8.3)
    rake (0.8.7)
    ruby-openid (2.1.8)
    rubytree (0.5.3)

PLATFORMS
  ruby

DEPENDENCIES
  coderay (~> 0.9.7)
  i18n (< 0.5)
  rails (= 2.3.11)
  ruby-openid
  rubytree (< 0.6)
